GEM
  remote: http://rubygems.org/
  specs:
    activemodel (3.2.12)
      activesupport (= 3.2.12)
      builder (~> 3.0.0)
    activesupport (3.2.12)
      i18n (~> 0.6)
      multi_json (~> 1.0)
    anemone (0.7.2)
      nokogiri (>= 1.3.0)
      robotex (>= 1.0.0)
    bson (1.8.3)
    bson_ext (1.8.3)
      bson (~> 1.8.3)
    builder (3.0.4)
    i18n (0.6.4)
    mongo (1.8.3)
      bson (~> 1.8.3)
    mongoid (3.1.2)
      activemodel (~> 3.2)
      moped (~> 1.4.2)
      origin (~> 1.0)
      tzinfo (~> 0.3.22)
    moped (1.4.3)
    multi_json (1.6.1)
    nokogiri (1.5.6)
    origin (1.0.11)
    robotex (1.0.0)
    tzinfo (0.3.37)

PLATFORMS
  ruby

DEPENDENCIES
  anemone
  bson_ext
  mongo
  mongoid
  nokogiri
